PATH
  remote: .
  specs:
    Spellchecker (0.1)

GEM
  remote: http://rubygems.org/
  specs:

PLATFORMS
  ruby

DEPENDENCIES
  Spellchecker!
